GEM
  remote: https://rubygems.org/
  specs:
    ddtrace (0.51.1)
      ffi (~> 1.0)
      msgpack
    ffi (1.15.3)
    msgpack (1.4.2)

PLATFORMS
  x86_64-linux

DEPENDENCIES
  ddtrace

BUNDLED WITH
   2.2.22
